GEM
  remote: https://rubygems.org/
  specs:
    csv (3.2.3)

PLATFORMS
  x86_64-darwin-17

DEPENDENCIES
  csv

RUBY VERSION
   ruby 2.7.4p191

BUNDLED WITH
   2.3.5
